GIT
  remote: https://github.com/lsegal/yard
  revision: 84c983da9157ab7a6eccbc7a1740f2e22c05b679
  specs:
    yard (0.9.25)

GEM
  remote: https://rubygems.org/
  specs:
    RedCloth (4.3.2)
    activesupport (6.0.2.1)
      concurrent-ruby (~> 1.0, >= 1.0.2)
      i18n (>= 0.7, < 2)
      minitest (~> 5.1)
      tzinfo (~> 1.1)
      zeitwerk (~> 2.2)
    asciidoctor (2.0.10)
    bluecloth (2.2.0)
    coderay (1.1.3)
    concurrent-ruby (1.1.5)
    github-markup (3.0.4)
    i18n (1.7.0)
      concurrent-ruby (~> 1.0)
    json (2.3.0)
    kramdown (2.1.0)
    maruku (0.7.3)
    method_source (1.0.0)
    minitest (5.13.0)
    mustermann (1.1.0)
      ruby2_keywords (~> 0.0.1)
    net-http-persistent (2.9.4)
    nio4r (2.5.2)
    pry (0.13.1)
      coderay (~> 1.1)
      method_source (~> 1.0)
    puma (4.3.3)
      nio4r (~> 2.0)
    rack (2.0.8)
    rack-protection (2.0.8.1)
      rack
    rake (13.0.1)
    rdiscount (2.2.0.1)
    rdoc (6.2.1)
    redcarpet (3.5.0)
    ruby2_keywords (0.0.1)
    sequel (5.28.0)
    sinatra (2.0.8.1)
      mustermann (~> 1.0)
      rack (~> 2.0)
      rack-protection (= 2.0.8.1)
      tilt (~> 2.0)
    sqlite3 (1.4.2)
    syntax (1.2.2)
    thread_safe (0.3.6)
    tilt (2.0.10)
    tzinfo (1.2.6)
      thread_safe (~> 0.1)
    version_sorter (2.2.4)
    yard-kramdown (0.0.1)
    yard-rails (0.3.0)
      yard
    yard-sd (0.0.4)
    zeitwerk (2.2.2)

PLATFORMS
  ruby

DEPENDENCIES
  RedCloth
  activesupport
  asciidoctor
  bluecloth
  github-markup
  json
  kramdown
  maruku
  net-http-persistent (~> 2.0)
  pry
  puma
  rake
  rdiscount
  rdoc
  redcarpet
  sequel
  sinatra (>= 1.3)
  sqlite3
  syntax
  version_sorter
  yard!
  yard-kramdown
  yard-rails
  yard-sd

BUNDLED WITH
   2.1.4
